GEM
  remote: https://rubygems.org/
  specs:
    atk (2.2.3)
      glib2 (= 2.2.3)
    cairo (1.14.0)
      pkg-config (>= 1.1.5)
    diff-lcs (1.2.5)
    docile (1.1.5)
    eventmachine (1.0.3)
    gdk_pixbuf2 (2.2.3)
      glib2 (= 2.2.3)
    glib2 (2.2.3)
      pkg-config
    gtk2 (2.2.3)
      atk (= 2.2.3)
      gdk_pixbuf2 (= 2.2.3)
      pango (= 2.2.3)
    hoe (3.13.0)
      rake (>= 0.8, < 11.0)
    json (1.8.1)
    metaclass (0.0.4)
    mocha (1.1.0)
      metaclass (~> 0.0.1)
    multi_json (1.10.1)
    pango (2.2.3)
      cairo (>= 1.12.5)
      glib2 (= 2.2.3)
    pkg-config (1.1.6)
    power_assert (0.2.2)
    rake (10.4.1)
    redis (3.2.0)
    rr (1.1.2)
    rspec (3.1.0)
      rspec-core (~> 3.1.0)
      rspec-expectations (~> 3.1.0)
      rspec-mocks (~> 3.1.0)
    rspec-core (3.1.7)
      rspec-support (~> 3.1.0)
    rspec-expectations (3.1.2)
      diff-lcs (>= 1.2.0, < 2.0)
      rspec-support (~> 3.1.0)
    rspec-mocks (3.1.3)
      rspec-support (~> 3.1.0)
    rspec-support (3.1.2)
    simplecov (0.9.1)
      docile (~> 1.1.0)
      multi_json (~> 1.0)
      simplecov-html (~> 0.8.0)
    simplecov-html (0.8.0)
    test-unit (3.0.7)
      power_assert
    test-unit-full (0.0.3)
      test-unit
      test-unit-notify
      test-unit-rr
      test-unit-runner-fox
      test-unit-runner-gtk2
      test-unit-runner-tk
    test-unit-notify (1.0.4)
      test-unit (>= 2.4.9)
    test-unit-rr (1.0.3)
      rr (>= 1.1.1)
      test-unit (>= 2.5.2)
    test-unit-runner-fox (0.0.1)
      hoe (>= 1.6.0)
    test-unit-runner-gtk2 (0.0.2)
      gtk2
      test-unit
    test-unit-runner-tk (0.0.1)
      hoe (>= 1.6.0)

PLATFORMS
  ruby

DEPENDENCIES
  bundler (~> 1.7.8)
  eventmachine (~> 1.0.3)
  json (~> 1.8.1)
  mocha
  redis (~> 3.2.0)
  rspec (~> 3.1.0)
  simplecov (~> 0.9.1)
  test-unit (~> 3.0.7)
  test-unit-full (~> 0.0.3)
