GEM
  remote: https://rubygems.org/
  specs:
    eventmachine (1.0.3)

PLATFORMS
  ruby

DEPENDENCIES
  bundler (~> 1.7.8)
  eventmachine (~> 1.0.3)
